PATH
  remote: .
  specs:
    roo (1.10.1)
      nokogiri (>= 1.5.2)
      rubyzip (>= 0.9.6.1)
      spreadsheet (> 0.6.4)

GEM
  remote: http://rubygems.org/
  specs:
    bones (3.8.0)
      little-plugger (~> 1.1.3)
      loquacious (~> 1.9.1)
      rake (>= 0.8.7)
    little-plugger (1.1.3)
    loquacious (1.9.1)
    nokogiri (1.5.5)
    nokogiri (1.5.5-java)
    rake (0.9.2.2)
    ruby-ole (1.2.11.4)
    rubyzip (0.9.9)
    shoulda (3.0.1)
      shoulda-context (~> 1.0.0)
      shoulda-matchers (~> 1.0.0)
    shoulda-context (1.0.0)
    shoulda-matchers (1.0.0)
    spreadsheet (0.7.3)
      ruby-ole (>= 1.0)

PLATFORMS
  java
  ruby

DEPENDENCIES
  bones (>= 3.8.0)
  roo!
  shoulda (~> 3.0)
