PATH
  remote: .
  specs:
    roo (1.10.2)
      nokogiri (>= 1.5.5)
      rubyzip (>= 0.9.9)
      spreadsheet (> 0.6.4)

GEM
  remote: http://rubygems.org/
  specs:
    activesupport (3.2.9)
      i18n (~> 0.6)
      multi_json (~> 1.0)
    bones (3.8.0)
      little-plugger (~> 1.1.3)
      loquacious (~> 1.9.1)
      rake (>= 0.8.7)
    bourne (1.1.2)
      mocha (= 0.10.5)
    i18n (0.6.1)
    little-plugger (1.1.3)
    loquacious (1.9.1)
    metaclass (0.0.1)
    mocha (0.10.5)
      metaclass (~> 0.0.1)
    multi_json (1.5.0)
    nokogiri (1.5.6)
    nokogiri (1.5.6-java)
    rake (0.9.2.2)
    ruby-ole (1.2.11.6)
    rubyzip (0.9.9)
    shoulda (3.3.2)
      shoulda-context (~> 1.0.1)
      shoulda-matchers (~> 1.4.1)
    shoulda-context (1.0.2)
    shoulda-matchers (1.4.2)
      activesupport (>= 3.0.0)
      bourne (~> 1.1.2)
    spreadsheet (0.7.5)
      ruby-ole (>= 1.0)

PLATFORMS
  java
  ruby

DEPENDENCIES
  bones (>= 3.8.0)
  roo!
  shoulda
